GIT
  remote: git://github.com/ahawkins/chassis.git
  revision: fca0c675c66b337732007684e369be799e3051e0
  specs:
    chassis (0.1.0)
      breaker
      faraday (~> 0.9.0)
      harness
      harness-rack
      logger-better
      manifold
      prox
      rack-contrib
      sinatra
      sinatra-contrib
      virtus
      virtus-dirty_attribute

GEM
  remote: https://rubygems.org/
  specs:
    adamantium (0.2.0)
      ice_nine (~> 0.11.0)
      memoizable (~> 0.4.0)
    axiom-types (0.1.1)
      descendants_tracker (~> 0.0.4)
      ice_nine (~> 0.11.0)
      thread_safe (~> 0.3, >= 0.3.1)
    backports (3.6.0)
    breaker (0.1.0)
    coercible (1.0.0)
      descendants_tracker (~> 0.0.1)
    concord (0.1.5)
      adamantium (~> 0.2.0)
      equalizer (~> 0.0.9)
    descendants_tracker (0.0.4)
      thread_safe (~> 0.3, >= 0.3.1)
    equalizer (0.0.9)
    faraday (0.9.0)
      multipart-post (>= 1.2, < 3)
    harness (2.0.0)
      statsd-ruby
    harness-rack (0.1.0)
      harness
    ice_nine (0.11.0)
    logger-better (0.1.0)
    manifold (1.0.2)
    memoizable (0.4.2)
      thread_safe (~> 0.3, >= 0.3.1)
    multi_json (1.9.2)
    multipart-post (2.0.0)
    prox (0.0.1)
    rack (1.5.2)
    rack-contrib (1.1.0)
      rack (>= 0.9.1)
    rack-protection (1.5.3)
      rack
    rack-test (0.6.2)
      rack (>= 1.0)
    rake (10.3.1)
    sinatra (1.4.5)
      rack (~> 1.4)
      rack-protection (~> 1.4)
      tilt (~> 1.3, >= 1.3.4)
    sinatra-contrib (1.4.2)
      backports (>= 2.0)
      multi_json
      rack-protection
      rack-test
      sinatra (~> 1.4.0)
      tilt (~> 1.3)
    statsd-ruby (1.2.1)
    thread_safe (0.3.3)
    tilt (1.4.1)
    virtus (1.0.2)
      axiom-types (~> 0.1)
      coercible (~> 1.0)
      descendants_tracker (~> 0.0.3)
      equalizer (~> 0.0.9)
    virtus-dirty_attribute (0.1.0)
      virtus (~> 1.0.0)

PLATFORMS
  ruby

DEPENDENCIES
  chassis!
  concord
  rake
